GIT
  remote: https://github.com/leihs/axlsx
  revision: c8ac844572b25fda358cc01d2104720c4c42f450
  ref: c8ac844572b25fda358cc01d2104720c4c42f450
  specs:
    axlsx (2.1.0.pre)
      htmlentities (~> 4.3.4)
      mimemagic (~> 0.3)
      nokogiri (>= 1.6.6)
      rubyzip (>= 1.2.1)

GIT
  remote: https://github.com/leihs/jsrender-rails
  revision: 499257e36f64220c53c459c588671d8270d1828d
  branch: rails7
  specs:
    jsrender-rails (2.0)
      rails (~> 7.0)

GIT
  remote: https://github.com/leihs/presentoir
  revision: 1f65b6a673be93f9babb17f26f3bacaf64a7fbc2
  ref: 1f65b6a673be93f9babb17f26f3bacaf64a7fbc2
  specs:
    presentoir (1.0.0)

GIT
  remote: https://github.com/leihs/rails_pg-tasks
  revision: ad5725cc25ae53daac9b245000479b1e61cb3414
  branch: rails7
  specs:
    pg_tasks (2.2.0.pre.0)
      rails (~> 7.0)

GEM
  remote: https://rails-assets.org/
  specs:
    rails-assets-accounting.js (0.4.1)
    rails-assets-bootstrap (3.3.7)
      rails-assets-jquery (>= 1.9.1, < 4)
    rails-assets-fullcalendar (1.6.7)
      rails-assets-jquery (~> 1.10.2)
    rails-assets-jquery (1.10.2)
    rails-assets-jquery-autosize (1.18.18)
      rails-assets-jquery (>= 1.7)
    rails-assets-jquery-ui (1.12.1)
      rails-assets-jquery (>= 1.6)
    rails-assets-jquery-ujs (1.2.2)
      rails-assets-jquery (> 1.8)
    rails-assets-jquery.inview (1.0.0)
    rails-assets-moment (2.30.1)
    rails-assets-moment-range (2.2.0)
      rails-assets-moment (>= 1)
    rails-assets-select2 (4.0.13)
    rails-assets-timecop (0.1.1)
    rails-assets-underscore (1.13.6)

GEM
  remote: https://rubygems.org/
  specs:
    actioncable (7.2.1)
      actionpack (= 7.2.1)
      activesupport (= 7.2.1)
      nio4r (~> 2.0)
      websocket-driver (>= 0.6.1)
      zeitwerk (~> 2.6)
    actionmailbox (7.2.1)
      actionpack (= 7.2.1)
      activejob (= 7.2.1)
      activerecord (= 7.2.1)
      activestorage (= 7.2.1)
      activesupport (= 7.2.1)
      mail (>= 2.8.0)
    actionmailer (7.2.1)
      actionpack (= 7.2.1)
      actionview (= 7.2.1)
      activejob (= 7.2.1)
      activesupport (= 7.2.1)
      mail (>= 2.8.0)
      rails-dom-testing (~> 2.2)
    actionpack (7.2.1)
      actionview (= 7.2.1)
      activesupport (= 7.2.1)
      nokogiri (>= 1.8.5)
      racc
      rack (>= 2.2.4, < 3.2)
      rack-session (>= 1.0.1)
      rack-test (>= 0.6.3)
      rails-dom-testing (~> 2.2)
      rails-html-sanitizer (~> 1.6)
      useragent (~> 0.16)
    actiontext (7.2.1)
      actionpack (= 7.2.1)
      activerecord (= 7.2.1)
      activestorage (= 7.2.1)
      activesupport (= 7.2.1)
      globalid (>= 0.6.0)
      nokogiri (>= 1.8.5)
    actionview (7.2.1)
      activesupport (= 7.2.1)
      builder (~> 3.1)
      erubi (~> 1.11)
      rails-dom-testing (~> 2.2)
      rails-html-sanitizer (~> 1.6)
    activejob (7.2.1)
      activesupport (= 7.2.1)
      globalid (>= 0.3.6)
    activemodel (7.2.1)
      activesupport (= 7.2.1)
    activerecord (7.2.1)
      activemodel (= 7.2.1)
      activesupport (= 7.2.1)
      timeout (>= 0.4.0)
    activestorage (7.2.1)
      actionpack (= 7.2.1)
      activejob (= 7.2.1)
      activerecord (= 7.2.1)
      activesupport (= 7.2.1)
      marcel (~> 1.0)
    activesupport (7.2.1)
      base64
      bigdecimal
      concurrent-ruby (~> 1.0, >= 1.3.1)
      connection_pool (>= 2.2.5)
      drb
      i18n (>= 1.6, < 2)
      logger (>= 1.4.2)
      minitest (>= 5.1)
      securerandom (>= 0.3)
      tzinfo (~> 2.0, >= 2.0.5)
    addressable (2.8.7)
      public_suffix (>= 2.0.2, < 7.0)
    ast (2.4.2)
    babel-source (5.8.35)
    babel-transpiler (0.7.0)
      babel-source (>= 4.0, < 6)
      execjs (~> 2.0)
    backport (1.2.0)
    barby (0.5.1)
    base32-crockford (0.1.0)
    base64 (0.2.0)
    benchmark (0.3.0)
    bigdecimal (3.1.8)
    bindex (0.8.1)
    bootsnap (1.18.3)
      msgpack (~> 1.2)
    builder (3.3.0)
    capybara (3.40.0)
      addressable
      matrix
      mini_mime (>= 0.1.3)
      nokogiri (~> 1.11)
      rack (>= 1.6.0)
      rack-test (>= 0.6.3)
      regexp_parser (>= 1.5, < 3.0)
      xpath (~> 3.2)
    childprocess (4.1.0)
    chunky_png (1.4.0)
    cider_ci-open_session (2.0.1)
    coderay (1.1.3)
    coffee-rails (5.0.0)
      coffee-script (>= 2.2.0)
      railties (>= 5.2.0)
    coffee-script (2.4.1)
      coffee-script-source
      execjs
    coffee-script-source (1.12.2)
    concurrent-ruby (1.3.4)
    connection_pool (2.4.1)
    crass (1.0.6)
    csv (3.3.0)
    cucumber (8.0.0)
      builder (~> 3.2, >= 3.2.4)
      cucumber-ci-environment (~> 9.0, >= 9.0.4)
      cucumber-core (~> 11.0, >= 11.0.0)
      cucumber-cucumber-expressions (~> 15.1, >= 15.1.1)
      cucumber-gherkin (~> 23.0, >= 23.0.1)
      cucumber-html-formatter (~> 19.1, >= 19.1.0)
      cucumber-messages (~> 18.0, >= 18.0.0)
      diff-lcs (~> 1.5, >= 1.5.0)
      mime-types (~> 3.4, >= 3.4.1)
      multi_test (~> 1.1, >= 1.1.0)
      sys-uname (~> 1.2, >= 1.2.2)
    cucumber-ci-environment (9.2.0)
    cucumber-core (11.0.0)
      cucumber-gherkin (~> 23.0, >= 23.0.1)
      cucumber-messages (~> 18.0, >= 18.0.0)
      cucumber-tag-expressions (~> 4.1, >= 4.1.0)
    cucumber-cucumber-expressions (15.2.0)
    cucumber-gherkin (23.0.1)
      cucumber-messages (~> 18.0, >= 18.0.0)
    cucumber-html-formatter (19.2.0)
      cucumber-messages (~> 18.0, >= 18.0.0)
    cucumber-messages (18.0.0)
    cucumber-rails (2.6.1)
      capybara (>= 2.18, < 4)
      cucumber (>= 3.2, < 9)
      mime-types (~> 3.3)
      nokogiri (~> 1.10)
      railties (>= 5.0, < 8)
      rexml (~> 3.0)
      webrick (~> 1.7)
    cucumber-tag-expressions (4.1.0)
    cuke_modeler (3.21.0)
      cucumber-gherkin (< 29.0)
    database_cleaner (2.0.2)
      database_cleaner-active_record (>= 2, < 3)
    database_cleaner-active_record (2.2.0)
      activerecord (>= 5.a)
      database_cleaner-core (~> 2.0.0)
    database_cleaner-core (2.0.1)
    date (3.3.4)
    diff-lcs (1.5.1)
    drb (2.2.1)
    e2mmap (0.1.0)
    erubi (1.13.0)
    execjs (2.9.1)
    factory_bot (6.4.6)
      activesupport (>= 5.0.0)
    factory_bot_rails (6.4.3)
      factory_bot (~> 6.4)
      railties (>= 5.0.0)
    faker (3.4.1)
      i18n (>= 1.8.11, < 2)
    fast_gettext (3.0.0)
      prime
    ffi (1.17.0)
    flay (2.13.3)
      erubi (~> 1.10)
      path_expander (~> 1.0)
      ruby_parser (~> 3.0)
      sexp_processor (~> 4.0)
    flog (4.8.0)
      path_expander (~> 1.0)
      ruby_parser (~> 3.1, > 3.1.0)
      sexp_processor (~> 4.8)
    font-awesome-sass (4.7.0)
      sass (>= 3.2)
    forwardable (1.3.3)
    geocoder (1.8.3)
      base64 (>= 0.1.0)
      csv (>= 3.0.0)
    get_process_mem (0.2.7)
      ffi (~> 1.0)
    gettext_i18n_rails (1.12.0)
      fast_gettext (>= 0.9.0)
    globalid (1.2.1)
      activesupport (>= 6.1)
    haml (5.2.2)
      temple (>= 0.8.0)
      tilt
    htmlentities (4.3.4)
    i18n (1.14.6)
      concurrent-ruby (~> 1.0)
    io-console (0.7.2)
    irb (1.14.1)
      rdoc (>= 4.0.0)
      reline (>= 0.4.2)
    jaro_winkler (1.6.0)
    jquery-tmpl-rails (1.1.0)
      rails (>= 3.1.0)
    json (2.7.2)
    kramdown (2.4.0)
      rexml
    kramdown-parser-gfm (1.1.0)
      kramdown (~> 2.0)
    language_server-protocol (3.17.0.3)
    lint_roller (1.1.0)
    liquid (5.5.0)
    logger (1.6.1)
    loofah (2.22.0)
      crass (~> 1.0.2)
      nokogiri (>= 1.12.0)
    mail (2.8.1)
      mini_mime (>= 0.1.1)
      net-imap
      net-pop
      net-smtp
    marcel (1.0.4)
    matrix (0.4.2)
    method_source (1.1.0)
    mime-types (3.5.2)
      mime-types-data (~> 3.2015)
    mime-types-data (3.2024.0702)
    mimemagic (0.4.3)
      nokogiri (~> 1)
      rake
    mini_magick (3.8.1)
      subexec (~> 0.2.1)
    mini_mime (1.1.5)
    mini_portile2 (2.8.7)
    minitest (5.25.1)
    monetize (1.13.0)
      money (~> 6.12)
    money (6.19.0)
      i18n (>= 0.6.4, <= 2)
    money-rails (1.15.0)
      activesupport (>= 3.0)
      monetize (~> 1.9)
      money (~> 6.13)
      railties (>= 3.0)
    msgpack (1.7.2)
    multi_test (1.1.0)
    net-imap (0.4.16)
      date
      net-protocol
    net-ldap (0.19.0)
    net-pop (0.1.2)
      net-protocol
    net-protocol (0.2.2)
      timeout
    net-smtp (0.5.0)
      net-protocol
    nilify_blanks (1.4.0)
      activerecord (>= 4.0.0)
      activesupport (>= 4.0.0)
    nio4r (2.7.3)
    nokogiri (1.16.7)
      mini_portile2 (~> 2.8.2)
      racc (~> 1.4)
    open4 (1.3.4)
    parallel (1.25.1)
    parser (3.3.4.0)
      ast (~> 2.4.1)
      racc
    path_expander (1.1.2)
    pg (1.5.6)
    prime (0.1.2)
      forwardable
      singleton
    pry (0.14.2)
      coderay (~> 1.1)
      method_source (~> 1.0)
    pry-nav (1.0.0)
      pry (>= 0.9.10, < 0.15)
    pry-rails (0.3.11)
      pry (>= 0.13.0)
    psych (3.3.4)
    public_suffix (6.0.0)
    puma (6.4.2)
      nio4r (~> 2.0)
    puma_worker_killer (0.3.1)
      get_process_mem (~> 0.2)
      puma (>= 2.7)
    racc (1.8.1)
    rack (2.2.9)
    rack-proxy (0.7.7)
      rack
    rack-session (1.0.2)
      rack (< 3)
    rack-test (2.1.0)
      rack (>= 1.3)
    rackup (1.0.0)
      rack (< 3)
      webrick
    rails (7.2.1)
      actioncable (= 7.2.1)
      actionmailbox (= 7.2.1)
      actionmailer (= 7.2.1)
      actionpack (= 7.2.1)
      actiontext (= 7.2.1)
      actionview (= 7.2.1)
      activejob (= 7.2.1)
      activemodel (= 7.2.1)
      activerecord (= 7.2.1)
      activestorage (= 7.2.1)
      activesupport (= 7.2.1)
      bundler (>= 1.15.0)
      railties (= 7.2.1)
    rails-dom-testing (2.2.0)
      activesupport (>= 5.0.0)
      minitest
      nokogiri (>= 1.6)
    rails-html-sanitizer (1.6.0)
      loofah (~> 2.21)
      nokogiri (~> 1.14)
    rails_autolink (1.1.8)
      actionview (> 3.1)
      activesupport (> 3.1)
      railties (> 3.1)
    railties (7.2.1)
      actionpack (= 7.2.1)
      activesupport (= 7.2.1)
      irb (~> 1.13)
      rackup (>= 1.0.0)
      rake (>= 12.2)
      thor (~> 1.0, >= 1.2.2)
      zeitwerk (~> 2.6)
    rainbow (3.1.1)
    rake (13.2.1)
    rb-fsevent (0.11.2)
    rb-inotify (0.11.1)
      ffi (~> 1.0)
    rb-readline (0.5.5)
    rbs (2.8.4)
    rdoc (6.3.4.1)
    react-rails (2.7.1)
      babel-transpiler (>= 0.7.0)
      connection_pool
      execjs
      railties (>= 3.2)
      tilt
    regexp_parser (2.9.2)
    reline (0.5.10)
      io-console (~> 0.5)
    reverse_markdown (2.1.1)
      nokogiri
    rexml (3.3.1)
      strscan
    rgl (0.4.0)
      rake
      stream (>= 0.5)
    rinku (2.0.6)
    rspec (3.13.0)
      rspec-core (~> 3.13.0)
      rspec-expectations (~> 3.13.0)
      rspec-mocks (~> 3.13.0)
    rspec-core (3.13.1)
      rspec-support (~> 3.13.0)
    rspec-expectations (3.13.3)
      diff-lcs (>= 1.2.0, < 2.0)
      rspec-support (~> 3.13.0)
    rspec-mocks (3.13.2)
      diff-lcs (>= 1.2.0, < 2.0)
      rspec-support (~> 3.13.0)
    rspec-rails (7.0.1)
      actionpack (>= 7.0)
      activesupport (>= 7.0)
      railties (>= 7.0)
      rspec-core (~> 3.13)
      rspec-expectations (~> 3.13)
      rspec-mocks (~> 3.13)
      rspec-support (~> 3.13)
    rspec-support (3.13.1)
    rubocop (1.65.0)
      json (~> 2.3)
      language_server-protocol (>= 3.17.0)
      parallel (~> 1.10)
      parser (>= 3.3.0.2)
      rainbow (>= 2.2.2, < 4.0)
      regexp_parser (>= 2.4, < 3.0)
      rexml (>= 3.2.5, < 4.0)
      rubocop-ast (>= 1.31.1, < 2.0)
      ruby-progressbar (~> 1.7)
      unicode-display_width (>= 2.4.0, < 3.0)
    rubocop-ast (1.31.3)
      parser (>= 3.3.1.0)
    rubocop-performance (1.23.1)
      rubocop (>= 1.48.1, < 2.0)
      rubocop-ast (>= 1.31.1, < 2.0)
    ruby-progressbar (1.13.0)
    ruby_parser (3.21.1)
      racc (~> 1.5)
      sexp_processor (~> 4.16)
    rubyzip (2.3.2)
    sass (3.7.4)
      sass-listen (~> 4.0.0)
    sass-listen (4.0.0)
      rb-fsevent (~> 0.9, >= 0.9.4)
      rb-inotify (~> 0.9, >= 0.9.7)
    sass-rails (5.1.0)
      railties (>= 5.2.0)
      sass (~> 3.1)
      sprockets (>= 2.8, < 4.0)
      sprockets-rails (>= 2.0, < 4.0)
      tilt (>= 1.1, < 3)
    securerandom (0.3.1)
    selenium-webdriver (4.1.0)
      childprocess (>= 0.5, < 5.0)
      rexml (~> 3.2, >= 3.2.5)
      rubyzip (>= 1.2.2)
    sequel (5.82.0)
      bigdecimal
    sexp_processor (4.17.2)
    singleton (0.2.0)
    solargraph (0.50.0)
      backport (~> 1.2)
      benchmark
      bundler (~> 2.0)
      diff-lcs (~> 1.4)
      e2mmap
      jaro_winkler (~> 1.5)
      kramdown (~> 2.3)
      kramdown-parser-gfm (~> 1.1)
      parser (~> 3.0)
      rbs (~> 2.0)
      reverse_markdown (~> 2.0)
      rubocop (~> 1.38)
      thor (~> 1.0)
      tilt (~> 2.0)
      yard (~> 0.9, >= 0.9.24)
    solargraph-rails (1.1.0)
      activesupport
      solargraph
    spring (4.2.1)
    sprockets (3.7.3)
      base64
      concurrent-ruby (~> 1.0)
      rack (> 1, < 3)
    sprockets-rails (3.5.1)
      actionpack (>= 6.1)
      activesupport (>= 6.1)
      sprockets (>= 3.0.0)
    standard (1.40.1)
      language_server-protocol (~> 3.17.0.2)
      lint_roller (~> 1.0)
      rubocop (~> 1.65.0)
      standard-custom (~> 1.0.0)
      standard-performance (~> 1.4)
    standard-custom (1.0.2)
      lint_roller (~> 1.0)
      rubocop (~> 1.50)
    standard-performance (1.6.0)
      lint_roller (~> 1.1)
      rubocop-performance (~> 1.23.0)
    stream (0.5.5)
    strscan (3.1.0)
    subexec (0.2.3)
    sys-uname (1.3.0)
      ffi (~> 1.1)
    temple (0.10.3)
    thor (1.3.2)
    tilt (2.4.0)
    timecop (0.9.10)
    timeout (0.4.1)
    traceroute (0.8.1)
      rails (>= 3.0.0)
    turnip (4.4.0)
      cuke_modeler (~> 3.15)
      rspec (>= 3.0, < 4.0)
    tzinfo (2.0.6)
      concurrent-ruby (~> 1.0)
    uglifier (2.7.2)
      execjs (>= 0.3.0)
      json (>= 1.8.0)
    unicode-display_width (2.5.0)
    useragent (0.16.10)
    uuidtools (2.2.0)
    web-console (4.2.1)
      actionview (>= 6.0.0)
      activemodel (>= 6.0.0)
      bindex (>= 0.4.0)
      railties (>= 6.0.0)
    webpacker (3.6.0)
      activesupport (>= 4.2)
      rack-proxy (>= 0.6.1)
      railties (>= 4.2)
    webrick (1.8.2)
    websocket-driver (0.7.6)
      websocket-extensions (>= 0.1.0)
    websocket-extensions (0.1.5)
    will_paginate (3.3.1)
    xpath (3.2.0)
      nokogiri (~> 1.8)
    yard (0.9.36)
    zeitwerk (2.6.18)

PLATFORMS
  ruby

DEPENDENCIES
  addressable
  axlsx!
  barby (~> 0.5.0)
  base32-crockford
  bootsnap
  chunky_png (~> 1.2)
  cider_ci-open_session (~> 2.0.1)
  coffee-rails (~> 5)
  coffee-script (~> 2.2)
  cucumber-rails (~> 2.5)
  database_cleaner
  execjs (~> 2.6)
  factory_bot
  factory_bot_rails (~> 6)
  faker
  flay
  flog
  font-awesome-sass (~> 4.4)
  geocoder (~> 1.1)
  gettext_i18n_rails (~> 1.0)
  haml (~> 5)
  jquery-tmpl-rails (~> 1.1)
  json (~> 2)
  jsrender-rails!
  kramdown
  kramdown-parser-gfm
  liquid (~> 5.0)
  mail
  mimemagic
  mini_magick (~> 3.4)
  money-rails
  net-ldap
  nilify_blanks (~> 1.1)
  open4
  pg
  pg_tasks!
  presentoir!
  pry
  pry-nav
  pry-rails
  psych (~> 3)
  puma
  puma_worker_killer
  rails (~> 7.2.0)
  rails-assets-accounting.js (~> 0.4)!
  rails-assets-bootstrap (= 3.3.7)!
  rails-assets-fullcalendar (~> 1.5)!
  rails-assets-jquery (~> 1.5)!
  rails-assets-jquery-autosize (~> 1.18)!
  rails-assets-jquery-ui (~> 1.1)!
  rails-assets-jquery-ujs (~> 1.0)!
  rails-assets-jquery.inview (= 1.0.0)!
  rails-assets-moment (~> 2.10)!
  rails-assets-moment-range (= 2.2)!
  rails-assets-select2 (~> 4.0)!
  rails-assets-timecop (~> 0.1)!
  rails-assets-underscore (~> 1.8)!
  rails_autolink (~> 1.0)
  rake
  rb-readline
  react-rails (~> 2.0)
  rgl (~> 0.4.0)
  rinku (~> 2.0.4)
  rspec
  rspec-rails (~> 7)
  ruby_parser (~> 3.1)
  sass-rails (~> 5.0)
  selenium-webdriver (= 4.1.0)
  sequel
  solargraph
  solargraph-rails
  spring
  standard
  timecop (~> 0.7)
  traceroute
  turnip
  uglifier (~> 2.4)
  uuidtools
  web-console
  webpacker (~> 3.0)
  will_paginate (~> 3.0)

BUNDLED WITH
   2.4.19
